PATH
  remote: .
  specs:
    null-logger (0.1.5)

GEM
  remote: https://rubygems.org/
  specs:
    diff-lcs (1.3)
    docile (1.3.2)
    rspec (3.9.0)
      rspec-core (~> 3.9.0)
      rspec-expectations (~> 3.9.0)
      rspec-mocks (~> 3.9.0)
    rspec-core (3.9.1)
      rspec-support (~> 3.9.1)
    rspec-expectations (3.9.0)
      diff-lcs (>= 1.2.0, < 2.0)
      rspec-support (~> 3.9.0)
    rspec-mocks (3.9.1)
      diff-lcs (>= 1.2.0, < 2.0)
      rspec-support (~> 3.9.0)
    rspec-support (3.9.2)
    simplecov (0.18.5)
      docile (~> 1.1)
      simplecov-html (~> 0.11)
    simplecov-html (0.12.2)

PLATFORMS
  ruby

DEPENDENCIES
  null-logger!
  rspec
  simplecov

BUNDLED WITH
   2.1.4
